PATH
  remote: .
  specs:
    hello-sense (0.1.0)

GEM
  remote: http://rubygems.org/
  specs:
    ast (2.3.0)
    byebug (9.0.6)
    diff-lcs (1.3)
    parser (2.4.0.0)
      ast (~> 2.2)
    powerpack (0.1.1)
    rainbow (2.2.2)
      rake
    rake (11.3.0)
    rspec-core (3.6.0)
      rspec-support (~> 3.6.0)
    rspec-expectations (3.6.0)
      diff-lcs (>= 1.2.0, < 2.0)
      rspec-support (~> 3.6.0)
    rspec-support (3.6.0)
    rubocop (0.48.1)
      parser (>= 2.3.3.1, < 3.0)
      powerpack (~> 0.1)
      rainbow (>= 1.99.1, < 3.0)
      ruby-progressbar (~> 1.7)
      unicode-display_width (~> 1.0, >= 1.0.1)
    ruby-progressbar (1.8.1)
    unicode-display_width (1.2.1)
    yard (0.9.12)

PLATFORMS
  ruby

DEPENDENCIES
  byebug (~> 9.0, >= 9.0.0)
  hello-sense!
  rake (~> 11.0, >= 11.0.0)
  rspec-core (~> 3.6, >= 3.6.0)
  rspec-expectations (~> 3.6, >= 3.6.0)
  rubocop (~> 0.48, >= 0.48.0)
  yard (~> 0.9.11, >= 0.9.11)

BUNDLED WITH
   1.14.6
